PATH
  remote: .
  specs:
    rose (0.0.1)

GEM
  remote: https://rubygems.org/
  specs:
    ast (2.4.0)
    backports (3.15.0)
    binding_of_caller (0.8.0)
      debug_inspector (>= 0.0.1)
    coderay (1.1.2)
    debug_inspector (0.0.3)
    deep-cover (0.7.5)
      deep-cover-core (= 0.7.5)
      highline
      thor (>= 0.20.3)
      with_progress
    deep-cover-core (0.7.5)
      backports (>= 3.11.0)
      binding_of_caller
      parser (>= 2.5, < 2.7)
      pry
      term-ansicolor
      terminal-table
    diff-lcs (1.3)
    highline (2.0.2)
    method_source (0.9.2)
    parser (2.6.4.0)
      ast (~> 2.4.0)
    pry (0.12.2)
      coderay (~> 1.1.0)
      method_source (~> 0.9.0)
    rspec (3.8.0)
      rspec-core (~> 3.8.0)
      rspec-expectations (~> 3.8.0)
      rspec-mocks (~> 3.8.0)
    rspec-core (3.8.2)
      rspec-support (~> 3.8.0)
    rspec-expectations (3.8.4)
      diff-lcs (>= 1.2.0, < 2.0)
      rspec-support (~> 3.8.0)
    rspec-mocks (3.8.1)
      diff-lcs (>= 1.2.0, < 2.0)
      rspec-support (~> 3.8.0)
    rspec-support (3.8.2)
    ruby-progressbar (1.10.1)
    term-ansicolor (1.7.1)
      tins (~> 1.0)
    terminal-table (1.8.0)
      unicode-display_width (~> 1.1, >= 1.1.1)
    thor (0.20.3)
    tins (1.21.1)
    unicode-display_width (1.6.0)
    with_progress (1.0.1)
      ruby-progressbar (~> 1.4)

PLATFORMS
  ruby

DEPENDENCIES
  bundler
  deep-cover
  rose!
  rspec

BUNDLED WITH
   2.0.2
